PATH
  remote: .
  specs:
    rollbar-jets (0.3.1)
      rollbar

GEM
  remote: https://rubygems.org/
  specs:
    diff-lcs (1.3)
    multi_json (1.13.1)
    rake (10.5.0)
    rollbar (2.18.2)
      multi_json
    rspec (3.8.0)
      rspec-core (~> 3.8.0)
      rspec-expectations (~> 3.8.0)
      rspec-mocks (~> 3.8.0)
    rspec-core (3.8.0)
      rspec-support (~> 3.8.0)
    rspec-expectations (3.8.2)
      diff-lcs (>= 1.2.0, < 2.0)
      rspec-support (~> 3.8.0)
    rspec-mocks (3.8.0)
      diff-lcs (>= 1.2.0, < 2.0)
      rspec-support (~> 3.8.0)
    rspec-support (3.8.0)

PLATFORMS
  ruby

DEPENDENCIES
  bundler (~> 1.16)
  rake (~> 10.0)
  rollbar-jets!
  rspec (~> 3.0)

BUNDLED WITH
   1.17.2
